GEM
  remote: http://rubygems.org/
  specs:
    chronic (0.5.0)
    delorean (1.1.0)
      chronic
    file-tail (1.0.6)
      spruz (~> 0.2)
    git (1.2.5)
    jeweler (1.6.4)
      bundler (~> 1.0)
      git (>= 1.2.5)
      rake
    rake (0.9.2)
    rcov (0.9.9)
    spruz (0.2.9)

PLATFORMS
  ruby

DEPENDENCIES
  delorean
  file-tail
  jeweler
  rcov
