GEM
  remote: http://rubygems.org/
  specs:
    config_context (0.3.4)
    file-tail (1.0.5)
      spruz (>= 0.1.0)
    git (1.2.5)
    jeweler (1.5.2)
      bundler (~> 1.0.0)
      git (>= 1.2.5)
      rake
    rake (0.8.7)
    rcov (0.9.9)
    spruz (0.2.5)

PLATFORMS
  ruby

DEPENDENCIES
  config_context
  file-tail
  jeweler
  rcov
