GEM
  remote: http://rubygems.org/
  specs:
    file-tail (1.0.5)
      spruz (>= 0.1.0)
    git (1.2.5)
    jeweler (1.6.2)
      bundler (~> 1.0)
      git (>= 1.2.5)
      rake
    rake (0.9.2)
    rcov (0.9.9)
    spruz (0.2.7)

PLATFORMS
  ruby

DEPENDENCIES
  file-tail
  jeweler
  rcov
